PATH
  remote: .
  specs:
    pacpdf (0.0.1)
      pdf-writer

GEM
  remote: http://rubygems.org/
  specs:
    color (1.4.1)
    hoe (2.14.0)
      rake (~> 0.8)
    pdf-writer (1.1.8)
      color (>= 1.4.0)
      transaction-simple (~> 1.3)
    rake (0.9.2.2)
    transaction-simple (1.4.0)
      hoe (>= 1.1.7)

PLATFORMS
  ruby

DEPENDENCIES
  pacpdf!
